GEM
  remote: https://rubygems.org/
  specs:
    ruby-progressbar (1.8.1)
    sqlite3 (1.3.11)

PLATFORMS
  ruby

DEPENDENCIES
  ruby-progressbar
  sqlite3

BUNDLED WITH
   1.12.5
